PATH
  remote: .
  specs:
    bitfex (1.0.0)

GEM
  remote: https://rubygems.org/
  specs:
    addressable (2.5.2)
      public_suffix (>= 2.0.2, < 4.0)
    crack (0.4.3)
      safe_yaml (~> 1.0.0)
    hashdiff (0.3.7)
    minitest (5.11.3)
    public_suffix (3.0.2)
    rake (12.3.0)
    safe_yaml (1.0.4)
    webmock (2.3.2)
      addressable (>= 2.3.6)
      crack (>= 0.3.2)
      hashdiff

PLATFORMS
  ruby

DEPENDENCIES
  bitfex!
  minitest (~> 5.11)
  rake
  webmock (~> 2.0)

BUNDLED WITH
   1.13.6
